GEM
  remote: http://rubygems.org/
  specs:
    gembuilder (1.2.2)

PLATFORMS
  ruby

DEPENDENCIES
  bundler
  gembuilder
